PATH
  remote: ../bloc_works
  specs:
    bloc_works (0.1.0)

GEM
  remote: https://rubygems.org/
  specs:
    erubis (2.7.0)
    rack (1.6.8)

PLATFORMS
  ruby

DEPENDENCIES
  bloc_works!
  erubis
  rack (~> 1.6)

BUNDLED WITH
   1.15.3
